GEM
  remote: https://rubygems.org/
  specs:
    actionmailer (2.3.17)
      actionpack (= 2.3.17)
    actionpack (2.3.17)
      activesupport (= 2.3.17)
      rack (~> 1.1.0)
    active_link_to (1.0.0)
    activerecord (2.3.17)
      activesupport (= 2.3.17)
    activeresource (2.3.17)
      activesupport (= 2.3.17)
    activesupport (2.3.17)
    addressable (2.3.2)
    akami (1.2.0)
      gyoku (>= 0.4.0)
      nokogiri (>= 1.4.0)
    andand (1.3.3)
    builder (3.1.4)
    crack (0.3.1)
    daemons (1.0.10)
    delayed_job (2.0.7)
      activesupport (~> 2.0)
      daemons (= 1.0.10)
    diff-lcs (1.1.3)
    erubis (2.7.0)
    ezcrypto (0.7.2)
    facebooker (1.0.75)
      json_pure (>= 1.0.0)
    faker (1.0.1)
      i18n (~> 0.4)
    gyoku (1.0.0)
      builder (>= 2.1.2)
    haml (3.1.8)
    hoe (3.5.0)
      rake (>= 0.8, < 11.0)
    hoptoad_notifier (2.4.11)
      activesupport
      builder
    httpi (2.0.2)
      rack
    i18n (0.6.1)
    json (1.7.7)
    json_pure (1.7.7)
    libxml-ruby (2.6.0)
    machinist (2.0)
    nokogiri (1.5.6)
    nori (2.0.3)
    oauth (0.4.7)
    pg (0.14.1)
    rack (1.1.6)
    rack-test (0.5.4)
      rack (>= 1.0)
    rails (2.3.17)
      actionmailer (= 2.3.17)
      actionpack (= 2.3.17)
      activerecord (= 2.3.17)
      activeresource (= 2.3.17)
      activesupport (= 2.3.17)
      rake (>= 0.8.3)
    rake (0.8.7)
    rspec (2.1.0)
      rspec-core (~> 2.1.0)
      rspec-expectations (~> 2.1.0)
      rspec-mocks (~> 2.1.0)
    rspec-core (2.1.0)
    rspec-expectations (2.1.0)
      diff-lcs (~> 1.1.2)
    rspec-mocks (2.1.0)
    rspec-rails (2.1.0)
      rspec (~> 2.1.0)
    ruby-aaws (0.7.0)
    sass (3.2.3)
    savon (2.1.0)
      akami (~> 1.2.0)
      builder (>= 2.1.2)
      gyoku (~> 1.0.0)
      httpi (~> 2.0.2)
      nokogiri (>= 1.4.0)
      nori (~> 2.0.3)
      wasabi (~> 3.0.0)
    sham (1.1.0)
    test-unit (1.2.3)
      hoe (>= 1.5.1)
    wasabi (3.0.0)
      httpi (~> 2.0)
      nokogiri (>= 1.4.0)
    webmock (1.8.7)
      addressable (>= 2.2.7)
      crack (>= 0.1.7)
    will_paginate (2.3.14)
    wrest (0.1.1)
      activesupport (>= 2.3.5)
      json (>= 1.1.3)

PLATFORMS
  ruby

DEPENDENCIES
  active_link_to
  andand
  delayed_job
  erubis
  ezcrypto
  facebooker
  faker
  haml (~> 3.0)
  hoptoad_notifier
  json
  libxml-ruby
  machinist
  oauth
  pg
  rack-test (= 0.5.4)
  rails (~> 2.3.17)
  rake (= 0.8.7)
  rspec-rails
  ruby-aaws
  sass
  savon
  sham
  test-unit (= 1.2.3)
  webmock
  will_paginate (= 2.3.14)
  wrest
